PATH
  remote: .
  specs:
    syntax_tree-haml (1.3.2)
      haml (>= 5.2)
      prettier_print
      syntax_tree (>= 2.0.1)

GEM
  remote: https://rubygems.org/
  specs:
    docile (1.4.0)
    haml (5.2.2)
      temple (>= 0.8.0)
      tilt
    minitest (5.16.3)
    prettier_print (0.1.0)
    rake (13.0.6)
    simplecov (0.21.2)
      docile (~> 1.1)
      simplecov-html (~> 0.11)
      simplecov_json_formatter (~> 0.1)
    simplecov-html (0.12.3)
    simplecov_json_formatter (0.1.4)
    syntax_tree (3.6.0)
      prettier_print
    temple (0.8.2)
    tilt (2.0.11)

PLATFORMS
  ruby
  x86_64-darwin-19
  x86_64-darwin-20
  x86_64-darwin-21
  x86_64-linux

DEPENDENCIES
  bundler
  minitest
  rake
  simplecov
  syntax_tree-haml!

BUNDLED WITH
   2.3.6
